GEM
  specs:
    json (2.1.0)

PLATFORMS
  ruby

DEPENDENCIES
  json

BUNDLED WITH
   2.0.1
